GEM
  remote: https://rubygems.org/
  specs:
    cert_open_data_visualizer (0.0.5)
      httparty (~> 0.12.0)
    haml (4.0.4)
      tilt
    httparty (0.12.0)
      json (~> 1.8)
      multi_xml (>= 0.5.2)
    json (1.8.1)
    multi_xml (0.5.5)
    rack (1.5.2)
    rack-protection (1.5.1)
      rack
    sinatra (1.4.4)
      rack (~> 1.4)
      rack-protection (~> 1.4)
      tilt (~> 1.3, >= 1.3.4)
    tilt (1.4.1)

PLATFORMS
  ruby

DEPENDENCIES
  cert_open_data_visualizer (~> 0.0.5)
  haml
  sinatra
