PATH
  remote: .
  specs:
    cert_open_data_visualizer (0.0.6)
      haml (~> 4.0.4)
      httparty (~> 0.12.0)
      sinatra (~> 1.4.4)

GEM
  remote: https://rubygems.org/
  specs:
    haml (4.0.4)
      tilt
    httparty (0.12.0)
      json (~> 1.8)
      multi_xml (>= 0.5.2)
    json (1.8.1)
    multi_xml (0.5.5)
    rack (1.5.2)
    rack-protection (1.5.1)
      rack
    rake (10.1.0)
    sinatra (1.4.4)
      rack (~> 1.4)
      rack-protection (~> 1.4)
      tilt (~> 1.3, >= 1.3.4)
    tilt (1.4.1)

PLATFORMS
  ruby

DEPENDENCIES
  bundler (~> 1.3)
  cert_open_data_visualizer!
  rake
